PATH
  remote: .
  specs:
    kibana (0.0.1)
      curb
      daemons
      fastercsv
      json
      mongoid
      net-ldap
      rpam
      sinatra
      thin
      tzinfo

GEM
  remote: http://rubygems.org/
  specs:
    activemodel (3.2.11)
      activesupport (= 3.2.11)
      builder (~> 3.0.0)
    activesupport (3.2.11)
      i18n (~> 0.6)
      multi_json (~> 1.0)
    bson (1.8.2)
    builder (3.0.4)
    curb (0.8.3)
    daemons (1.1.9)
    diff-lcs (1.1.3)
    eventmachine (1.0.0)
    fastercsv (1.5.5)
    json (1.7.5)
    rack (1.4.1)
    rack-protection (1.2.0)
    i18n (0.6.1)
    json (1.7.6)
      bson (~> 1.8.2)
    mongoid (2.0.0)
      activemodel (~> 3.0)
      tzinfo (~> 0.3.22)
      will_paginate (~> 3.0.pre)
    multi_json (1.5.0)
    net-ldap (0.3.1)
    rack (1.5.0)
    rack-protection (1.3.2)
      rack
    rake (10.0.3)
    rpam (1.0.1)
    rspec (2.11.0)
      rspec-core (~> 2.11.0)
      rspec-expectations (~> 2.11.0)
      rspec-mocks (~> 2.11.0)
    rspec-core (2.11.1)
    rspec-expectations (2.11.3)
      diff-lcs (~> 1.1.3)
    rspec-mocks (2.11.3)
    sinatra (1.3.3)
      rack (~> 1.3, >= 1.3.6)
      rack-protection (~> 1.2)
      tilt (~> 1.3, >= 1.3.3)
    thin (1.5.0)
      daemons (>= 1.0.9)
      eventmachine (>= 0.12.6)
      rack (>= 1.0.0)
    tilt (1.3.3)
    tzinfo (0.3.35)
    will_paginate (3.0.pre4)

PLATFORMS
  ruby

DEPENDENCIES
  kibana!
  rake
  rspec
  rspec-mocks
